GIT
  remote: git://github.com/Sheday/rbattlenet.git
  revision: 05783e845d6a2e077ad9a5b12468f6a0db0a8e2d
  specs:
    rbattlenet (1.1.2)
      httparty (~> 0.13.6)
      typhoeus

GEM
  remote: https://rubygems.org/
  specs:
    aws-sdk (2.7.7)
      aws-sdk-resources (= 2.7.7)
    aws-sdk-core (2.7.7)
      aws-sigv4 (~> 1.0)
      jmespath (~> 1.0)
    aws-sdk-resources (2.7.7)
      aws-sdk-core (= 2.7.7)
    aws-sigv4 (1.0.0)
    byebug (9.0.6)
    ethon (0.10.1)
      ffi (>= 1.3.0)
    ffi (1.9.18)
    httparty (0.13.7)
      json (~> 1.8)
      multi_xml (>= 0.5.2)
    jmespath (1.3.1)
    json (1.8.6)
    multi_xml (0.6.0)
    mysql2 (0.4.7)
    require_all (1.4.0)
    sequel (4.48.0)
    typhoeus (1.1.2)
      ethon (>= 0.9.0)

PLATFORMS
  ruby

DEPENDENCIES
  aws-sdk
  byebug
  mysql2
  rbattlenet!
  require_all
  sequel
  typhoeus

BUNDLED WITH
   1.15.1
