GIT
  remote: git://github.com/Sheday/rbattlenet.git
  revision: 05783e845d6a2e077ad9a5b12468f6a0db0a8e2d
  specs:
    rbattlenet (1.1.2)
      httparty (~> 0.13.6)
      typhoeus

GEM
  remote: https://rubygems.org/
  specs:
    activemodel (5.1.2)
      activesupport (= 5.1.2)
    activerecord (5.1.2)
      activemodel (= 5.1.2)
      activesupport (= 5.1.2)
      arel (~> 8.0)
    activerecord-import (0.19.0)
      activerecord (>= 3.2)
    activesupport (5.1.2)
      concurrent-ruby (~> 1.0, >= 1.0.2)
      i18n (~> 0.7)
      minitest (~> 5.1)
      tzinfo (~> 1.1)
    arel (8.0.0)
    concurrent-ruby (1.0.5)
    ethon (0.10.1)
      ffi (>= 1.3.0)
    ffi (1.9.18)
    httparty (0.13.7)
      json (~> 1.8)
      multi_xml (>= 0.5.2)
    i18n (0.8.4)
    json (1.8.6)
    minitest (5.10.2)
    multi_xml (0.6.0)
    mysql2 (0.4.7)
    rake (12.0.0)
    require_all (1.4.0)
    thread_safe (0.3.6)
    typhoeus (1.1.2)
      ethon (>= 0.9.0)
    tzinfo (1.2.3)
      thread_safe (~> 0.1)

PLATFORMS
  ruby

DEPENDENCIES
  activerecord
  activerecord-import
  mysql2
  rake
  rbattlenet!
  require_all
  typhoeus

BUNDLED WITH
   1.15.1
