GIT
  remote: git://github.com/Sheday/rbattlenet.git
  revision: 5a7bc7a981c588ab904b1307b85fb88b7399d11f
  specs:
    rbattlenet (1.1.3)
      httparty (~> 0.13.6)
      typhoeus (~> 1.1)

GEM
  remote: https://rubygems.org/
  specs:
    aws-sdk (2.10.21)
      aws-sdk-resources (= 2.10.21)
    aws-sdk-core (2.10.21)
      aws-sigv4 (~> 1.0)
      jmespath (~> 1.0)
    aws-sdk-resources (2.10.21)
      aws-sdk-core (= 2.10.21)
    aws-sigv4 (1.0.1)
    ethon (0.10.1)
      ffi (>= 1.3.0)
    ffi (1.9.18)
    httparty (0.13.7)
      json (~> 1.8)
      multi_xml (>= 0.5.2)
    jmespath (1.3.1)
    json (1.8.6)
    multi_xml (0.6.0)
    mysql2 (0.4.8)
    require_all (1.4.0)
    sequel (4.49.0)
    thread_safe (0.3.6)
    typhoeus (1.1.2)
      ethon (>= 0.9.0)
    tzinfo (1.2.3)
      thread_safe (~> 0.1)

PLATFORMS
  ruby

DEPENDENCIES
  aws-sdk
  mysql2
  rbattlenet!
  require_all
  sequel
  typhoeus
  tzinfo

BUNDLED WITH
   1.15.3
